GEM
  remote: https://rubygems.org/
  specs:
    ast (2.4.0)
    axiom-types (0.1.1)
      descendants_tracker (~> 0.0.4)
      ice_nine (~> 0.11.0)
      thread_safe (~> 0.3, >= 0.3.1)
    bcrypt (3.1.12)
    bundler-audit (0.6.1)
      bundler (>= 1.2.0, < 3)
      thor (~> 0.18)
    codeclimate-engine-rb (0.4.1)
      virtus (~> 1.0)
    coercible (1.0.0)
      descendants_tracker (~> 0.0.1)
    concurrent-ruby (1.1.5)
    descendants_tracker (0.0.4)
      thread_safe (~> 0.3, >= 0.3.1)
    diff-lcs (1.3)
    docile (1.3.1)
    dotenv (2.7.2)
    dry-configurable (0.8.2)
      concurrent-ruby (~> 1.0)
      dry-core (~> 0.4, >= 0.4.7)
    dry-container (0.7.0)
      concurrent-ruby (~> 1.0)
      dry-configurable (~> 0.1, >= 0.1.3)
    dry-core (0.4.7)
      concurrent-ruby (~> 1.0)
    dry-equalizer (0.2.2)
    dry-inflector (0.1.2)
    dry-initializer (2.5.0)
    dry-logic (0.4.2)
      dry-container (~> 0.2, >= 0.2.6)
      dry-core (~> 0.2)
      dry-equalizer (~> 0.2)
    dry-struct (0.4.0)
      dry-core (~> 0.4, >= 0.4.1)
      dry-equalizer (~> 0.2)
      dry-types (~> 0.12, >= 0.12.2)
      ice_nine (~> 0.11)
    dry-types (0.12.3)
      concurrent-ruby (~> 1.0)
      dry-configurable (~> 0.1)
      dry-container (~> 0.3)
      dry-core (~> 0.2, >= 0.2.1)
      dry-equalizer (~> 0.2)
      dry-logic (~> 0.4, >= 0.4.2)
      inflecto (~> 0.0.0, >= 0.0.2)
    dry-validation (0.11.2)
      concurrent-ruby (~> 1.0)
      dry-configurable (~> 0.1, >= 0.1.3)
      dry-core (~> 0.2, >= 0.2.1)
      dry-equalizer (~> 0.2)
      dry-logic (~> 0.4.2)
      dry-types (~> 0.12.0)
    equalizer (0.0.11)
    ice_nine (0.11.2)
    inflecto (0.0.2)
    jaro_winkler (1.5.2)
    json (2.2.0)
    kwalify (0.7.2)
    mustermann (1.0.3)
    parallel (1.17.0)
    parser (2.6.2.0)
      ast (~> 2.4.0)
    pg (1.1.4)
    psych (3.1.0)
    rack (2.0.7)
    rack-protection (2.0.5)
      rack
    rainbow (3.0.0)
    rake (12.3.2)
    reek (5.3.2)
      codeclimate-engine-rb (~> 0.4.0)
      kwalify (~> 0.7.0)
      parser (>= 2.5.0.0, < 2.7, != 2.5.1.1)
      psych (~> 3.1.0)
      rainbow (>= 2.0, < 4.0)
    rom (4.2.1)
      rom-changeset (~> 1.0, >= 1.0.2)
      rom-core (~> 4.2, >= 4.2.1)
      rom-repository (~> 2.0, >= 2.0.2)
    rom-changeset (1.0.2)
      dry-core (~> 0.3, >= 0.3.1)
      rom-core (~> 4.0)
      transproc (~> 1.0)
    rom-core (4.2.1)
      concurrent-ruby (~> 1.0)
      dry-container (~> 0.6)
      dry-core (~> 0.3)
      dry-equalizer (~> 0.2)
      dry-inflector (~> 0.1)
      dry-initializer (~> 2.0)
      dry-types (~> 0.12.1)
      rom-mapper (~> 1.2, >= 1.2.1)
    rom-mapper (1.2.1)
      dry-core (~> 0.3, >= 0.3.1)
      dry-equalizer (~> 0.2)
      dry-struct (~> 0.4.0)
      dry-types (~> 0.12.1)
      transproc (~> 1.0)
    rom-repository (2.0.2)
      dry-core (~> 0.3)
      dry-initializer (~> 2.0)
      rom-core (~> 4.0)
    rom-sql (2.5.0)
      dry-core (~> 0.3)
      dry-equalizer (~> 0.2)
      dry-types (~> 0.12, >= 0.12.1)
      rom-core (~> 4.1)
      sequel (>= 4.49)
    rspec (3.8.0)
      rspec-core (~> 3.8.0)
      rspec-expectations (~> 3.8.0)
      rspec-mocks (~> 3.8.0)
    rspec-core (3.8.0)
      rspec-support (~> 3.8.0)
    rspec-expectations (3.8.2)
      diff-lcs (>= 1.2.0, < 2.0)
      rspec-support (~> 3.8.0)
    rspec-mocks (3.8.0)
      diff-lcs (>= 1.2.0, < 2.0)
      rspec-support (~> 3.8.0)
    rspec-support (3.8.0)
    rubocop (0.66.0)
      jaro_winkler (~> 1.5.1)
      parallel (~> 1.10)
      parser (>= 2.5, != 2.5.1.1)
      psych (>= 3.1.0)
      rainbow (>= 2.2.2, < 4.0)
      ruby-progressbar (~> 1.7)
      unicode-display_width (>= 1.4.0, < 1.6)
    ruby-progressbar (1.10.0)
    sequel (5.19.0)
    sequel_pg (1.12.0)
      pg (>= 0.18.0)
      sequel (>= 4.38.0)
    simplecov (0.16.1)
      docile (~> 1.1)
      json (>= 1.8, < 3)
      simplecov-html (~> 0.10.0)
    simplecov-html (0.10.2)
    sinatra (2.0.5)
      mustermann (~> 1.0)
      rack (~> 2.0)
      rack-protection (= 2.0.5)
      tilt (~> 2.0)
    thor (0.20.3)
    thread_safe (0.3.6)
    tilt (2.0.9)
    transproc (1.0.3)
    unicode-display_width (1.5.0)
    virtus (1.0.5)
      axiom-types (~> 0.1)
      coercible (~> 1.0)
      descendants_tracker (~> 0.0, >= 0.0.3)
      equalizer (~> 0.0, >= 0.0.9)

PLATFORMS
  ruby

DEPENDENCIES
  bcrypt (~> 3.1, >= 3.1.12)
  bundler-audit (~> 0.6.1)
  dotenv (~> 2.7, >= 2.7.2)
  dry-validation (~> 0.11.2)
  pg (~> 1.1, >= 1.1.4)
  rake (~> 12.3, >= 12.3.2)
  reek (~> 5.3, >= 5.3.2)
  rom (~> 4.2, >= 4.2.1)
  rom-sql (~> 2.5)
  rspec (~> 3.8)
  rubocop (>= 0.66.0)
  sequel_pg (~> 1.12)
  simplecov (~> 0.16.1)
  sinatra (~> 2.0, >= 2.0.5)

BUNDLED WITH
   1.16.1
